GIT
  remote: git://github.com/rwdaigle/heroku-log-parser.git
  revision: 84c96fafdd3d7513f7db060d1ca9851180013b13
  specs:
    heroku-log-parser (0.3.0)

GEM
  remote: https://rubygems.org/
  specs:
    addressable (2.5.1)
      public_suffix (~> 2.0, >= 2.0.2)
    async-rack (0.5.1)
      rack (~> 1.1)
    einhorn (0.7.4)
    em-synchrony (1.0.6)
      eventmachine (>= 1.0.0.beta.1)
    em-websocket (0.3.8)
      addressable (>= 2.1.1)
      eventmachine (>= 0.12.9)
    eventmachine (1.2.3)
    git-version-bump (0.15.1)
    goliath (1.0.5)
      async-rack
      einhorn
      em-synchrony (>= 1.0.0)
      em-websocket (= 0.3.8)
      eventmachine (>= 1.0.0.beta.4)
      http_parser.rb (>= 0.6.0)
      log4r
      multi_json
      rack (>= 1.2.2)
      rack-contrib
      rack-respond_to
    haml (5.0.1)
      temple (>= 0.8.0)
      tilt
    http_parser.rb (0.6.0)
    log4r (1.1.10)
    multi_json (1.12.1)
    pg (0.21.0)
    public_suffix (2.0.5)
    rack (1.6.8)
    rack-accept-media-types (0.9)
    rack-contrib (1.4.0)
      git-version-bump (~> 0.15)
      rack (~> 1.4)
    rack-respond_to (0.9.8)
      rack-accept-media-types (>= 0.6)
    sequel (4.47.0)
    temple (0.8.0)
    tilt (2.0.7)

PLATFORMS
  ruby

DEPENDENCIES
  goliath
  haml
  heroku-log-parser!
  pg
  sequel
  tilt

RUBY VERSION
   ruby 2.4.1p111

BUNDLED WITH
   1.14.6
